PATH
  remote: .
  specs:
    allure-ruby-adaptor-api (0.6.6)
      mimemagic
      nokogiri (~> 1.8)
      uuid

GEM
  remote: https://rubygems.org/
  specs:
    macaddr (1.7.2)
      systemu (~> 2.6.5)
    mimemagic (0.4.3)
      nokogiri (~> 1)
      rake
    mini_portile2 (2.5.1)
    nokogiri (1.11.5)
      mini_portile2 (~> 2.5.0)
      racc (~> 1.4)
    racc (1.5.2)
    rake (10.3.2)
    systemu (2.6.5)
    uuid (2.3.9)
      macaddr (~> 1.0)

PLATFORMS
  ruby

DEPENDENCIES
  allure-ruby-adaptor-api!
  bundler
  rake
