PATH
  remote: .
  specs:
    allure-ruby-adaptor-api (0.6.6)
      mimemagic
      nokogiri (~> 1.8)
      uuid

GEM
  remote: https://rubygems.org/
  specs:
    macaddr (1.7.2)
      systemu (~> 2.6.5)
    mimemagic (0.3.5)
    mini_portile2 (2.4.0)
    nokogiri (1.10.10)
      mini_portile2 (~> 2.4.0)
    rake (10.3.2)
    systemu (2.6.5)
    uuid (2.3.9)
      macaddr (~> 1.0)

PLATFORMS
  ruby

DEPENDENCIES
  allure-ruby-adaptor-api!
  bundler
  rake
